GEM
  remote: https://rubygems.org/
  specs:
    cnpj_utils (1.2.0)
    cpf_utils (1.3.1)
    documentos_br (1.1.0)
      cnpj_utils (~> 1.2.0)
      cpf_utils (~> 1.3.0)
      titulo_eleitor_utils (~> 1.1.0)
    titulo_eleitor_utils (1.1.0)

PLATFORMS
  x86_64-linux

DEPENDENCIES
  documentos_br

BUNDLED WITH
   2.2.3
