GEM
  remote: https://rubygems.org/
  specs:
    lerolero_generator (1.0.1)

PLATFORMS
  x86_64-linux

DEPENDENCIES
  lerolero_generator (~> 1.0, >= 1.0.1)

BUNDLED WITH
   2.2.3
