GEM
  remote: https://rubygems.org/
  specs:
    cpf_utils (1.0.0)

PLATFORMS
  x86_64-linux

DEPENDENCIES
  cpf_utils (= 1.0.0)

BUNDLED WITH
   2.2.3
